GEM
  remote: http://rubygems.org/
  specs:
    active_support (3.0.0)
      activesupport (= 3.0.0)
    activesupport (3.0.0)
    bundle (0.0.1)
      bundler
    coffee-script (2.2.0)
      coffee-script-source
      execjs
    coffee-script-source (1.3.3)
    execjs (1.4.0)
      multi_json (~> 1.0)
    gumdrop (0.7.1)
      active_support
      bundle
      i18n
      sinatra
      tilt
      trollop
    hike (1.2.1)
    i18n (0.6.0)
    jsmin (1.0.1)
    multi_json (1.3.5)
    rack (1.4.1)
    rack-protection (1.2.0)
      rack
    rake (0.9.2.2)
    sass (3.1.18)
    sinatra (1.3.2)
      rack (~> 1.3, >= 1.3.6)
      rack-protection (~> 1.2)
      tilt (~> 1.3, >= 1.3.3)
    slim (1.2.1)
      temple (~> 0.4.0)
      tilt (~> 1.3.3)
    sprockets (2.4.3)
      hike (~> 1.2)
      multi_json (~> 1.0)
      rack (~> 1.0)
      tilt (~> 1.1, != 1.3.0)
    stitch-rb (0.0.8)
    temple (0.4.0)
    tilt (1.3.3)
    trollop (1.16.2)
    uglifier (1.0.1)
      execjs (>= 0.3.0)
      multi_json (>= 1.0.2)

PLATFORMS
  ruby

DEPENDENCIES
  active_support
  coffee-script
  gumdrop
  i18n
  jsmin
  rake
  sass
  sinatra
  slim
  sprockets
  stitch-rb
  uglifier
